PATH
  remote: .
  specs:
    RubySunrise (0.3)
      tzinfo

GEM
  remote: https://rubygems.org/
  specs:
    atomic (1.1.14)
    thread_safe (0.1.3)
      atomic
    tzinfo (1.1.0)
      thread_safe (~> 0.1)

PLATFORMS
  ruby

DEPENDENCIES
  RubySunrise!
